GEM
  remote: https://rubygems.org/
  specs:
    bio (1.5.0)
    colorize (0.8.1)
    fileutils (1.1.0)
    open4 (1.3.4)
    optimist (3.0.0)

PLATFORMS
  ruby

DEPENDENCIES
  bio
  colorize
  fileutils
  open4
  optimist

BUNDLED WITH
   1.16.1
